GIT
  remote: git://github.com/sl4mmy/omnibus-software.git
  revision: b5583d1acc5bc68af5f611aef7fa365d548b93c7
  branch: fix-openssl-docs-with-perl-5.18
  specs:
    omnibus-software (0.0.1)

GEM
  remote: https://rubygems.org/
  specs:
    fpm (0.3.11)
      json
    ipaddress (0.8.0)
    json (1.8.0)
    mime-types (1.23)
    mixlib-cli (1.3.0)
    mixlib-config (1.1.2)
    mixlib-log (1.6.0)
    mixlib-shellout (1.1.0)
    ohai (6.16.0)
      ipaddress
      mixlib-cli
      mixlib-config
      mixlib-log
      mixlib-shellout
      systemu
      yajl-ruby
    omnibus (1.0.3)
      fpm (= 0.3.11)
      mixlib-config (~> 1.1.2)
      mixlib-shellout (~> 1.0)
      ohai (>= 0.6.12)
      rake (>= 0.9)
      thor (>= 0.16.0)
      uber-s3
    rake (10.0.4)
    systemu (2.5.2)
    thor (0.18.1)
    uber-s3 (0.2.4)
      mime-types (~> 1.17)
    yajl-ruby (1.1.0)

PLATFORMS
  ruby

DEPENDENCIES
  omnibus
  omnibus-software!
