GIT
  remote: https://github.com/sl4mmy/omnibus-software
  revision: 2707cec613fa854a2250956b5b5077a12bce6020
  branch: always-patch-libiconv
  specs:
    omnibus-software (0.0.1)

GEM
  remote: https://rubygems.org/
  specs:
    addressable (2.3.6)
    arr-pm (0.0.9)
      cabin (> 0)
    backports (3.6.0)
    cabin (0.6.1)
    chef-sugar (1.3.0)
    childprocess (0.5.3)
      ffi (~> 1.0, >= 1.0.11)
    clamp (0.6.3)
    ffi (1.9.3)
    fpm (0.4.42)
      arr-pm (~> 0.0.8)
      backports (>= 2.6.2)
      cabin (>= 0.6.0)
      childprocess
      clamp (~> 0.6)
      ftw (~> 0.0.30)
      json (>= 1.7.7)
    ftw (0.0.39)
      addressable
      backports (>= 2.6.2)
      cabin (> 0)
      http_parser.rb (= 0.5.3)
    http_parser.rb (0.5.3)
    ipaddress (0.8.0)
    json (1.8.1)
    mime-types (1.25.1)
    mixlib-cli (1.5.0)
    mixlib-config (2.1.0)
    mixlib-log (1.6.0)
    mixlib-shellout (1.4.0)
    ohai (6.22.0)
      ipaddress
      mixlib-cli
      mixlib-config
      mixlib-log
      mixlib-shellout
      systemu (~> 2.5.2)
      yajl-ruby
    omnibus (3.1.1)
      chef-sugar (~> 1.2)
      fpm (~> 0.4)
      mixlib-config (~> 2.1)
      mixlib-shellout (~> 1.4)
      ohai (~> 6.12)
      thor (~> 0.18)
      uber-s3
    systemu (2.5.2)
    thor (0.19.1)
    uber-s3 (0.2.4)
      mime-types (~> 1.17)
    yajl-ruby (1.2.1)

PLATFORMS
  ruby

DEPENDENCIES
  omnibus (~> 3.1.1)
  omnibus-software!
